GEM
  specs:
    byebug (11.1.3)
    coderay (1.1.3)
    debug (1.4.0)
      irb (>= 1.3.6)
      reline (>= 0.2.7)
    io-console (0.5.11)
    irb (1.4.1)
      reline (>= 0.3.0)
    method_source (1.0.0)
    pry (0.14.1)
      coderay (~> 1.1)
      method_source (~> 1.0)
    reline (0.3.0)
      io-console (~> 0.5)

PLATFORMS
  x64-mingw-ucrt

DEPENDENCIES
  byebug
  debug
  pry

BUNDLED WITH
   2.3.13
