GEM
  specs:
    coderay (1.1.3)
    debug (1.6.2)
      irb (>= 1.3.6)
      reline (>= 0.3.1)
    io-console (0.5.11)
    irb (1.4.1)
      reline (>= 0.3.0)
    method_source (1.0.0)
    pry (0.14.1)
      coderay (~> 1.1)
      method_source (~> 1.0)
    reline (0.3.1)
      io-console (~> 0.5)

PLATFORMS
  x86_64-darwin-21

DEPENDENCIES
  debug
  pry

BUNDLED WITH
   2.3.19
